GEM
  remote: https://rubygems.org/
  specs:
    cli-ui (1.5.1)
    coderay (1.1.3)
    dotenv (2.7.6)
    httparty (0.20.0)
      mime-types (~> 3.0)
      multi_xml (>= 0.5.2)
    method_source (1.0.0)
    mime-types (3.4.1)
      mime-types-data (~> 3.2015)
    mime-types-data (3.2021.1115)
    multi_xml (0.6.0)
    pry (0.14.1)
      coderay (~> 1.1)
      method_source (~> 1.0)

PLATFORMS
  x64-mingw-ucrt

DEPENDENCIES
  cli-ui
  dotenv
  httparty
  pry

BUNDLED WITH
   2.3.3
