GEM
  remote: https://rubygems.org/
  specs:
    cli-ui (1.5.1)
    dotenv (2.7.6)
    httparty (0.18.1)
      mime-types (~> 3.0)
      multi_xml (>= 0.5.2)
    mime-types (3.3.1)
      mime-types-data (~> 3.2015)
    mime-types-data (3.2021.0704)
    multi_xml (0.6.0)

PLATFORMS
  x64-mingw32

DEPENDENCIES
  cli-ui
  dotenv
  httparty

BUNDLED WITH
   2.2.3
